PATH
  remote: .
  specs:
    baya (0.1.3)
      curb (= 0.8.3)
      git (= 1.2.5)
      yajl-ruby (= 1.1.0)

GEM
  remote: http://rubygems.org/
  specs:
    curb (0.8.3)
    diff-lcs (1.2.1)
    git (1.2.5)
    multi_json (1.6.1)
    rake (10.0.3)
    rspec (2.13.0)
      rspec-core (~> 2.13.0)
      rspec-expectations (~> 2.13.0)
      rspec-mocks (~> 2.13.0)
    rspec-core (2.13.0)
    rspec-expectations (2.13.0)
      diff-lcs (>= 1.1.3, < 2.0)
    rspec-mocks (2.13.0)
    simplecov (0.7.1)
      multi_json (~> 1.0)
      simplecov-html (~> 0.7.1)
    simplecov-html (0.7.1)
    yajl-ruby (1.1.0)

PLATFORMS
  ruby

DEPENDENCIES
  baya!
  rake (= 10.0.3)
  rspec (= 2.13.0)
  simplecov (= 0.7.1)
