GEM
  remote: http://rubygems.org/
  specs:
    curb (0.8.3)
    diff-lcs (1.1.3)
    git (1.2.5)
    multi_json (1.3.6)
    rspec (2.12.0)
      rspec-core (~> 2.12.0)
      rspec-expectations (~> 2.12.0)
      rspec-mocks (~> 2.12.0)
    rspec-core (2.12.2)
    rspec-expectations (2.12.1)
      diff-lcs (~> 1.1.3)
    rspec-mocks (2.12.1)
    simplecov (0.7.1)
      multi_json (~> 1.0)
      simplecov-html (~> 0.7.1)
    simplecov-html (0.7.1)
    yajl-ruby (1.1.0)

PLATFORMS
  ruby

DEPENDENCIES
  curb (= 0.8.3)
  git (= 1.2.5)
  rspec (= 2.12.0)
  simplecov (= 0.7.1)
  yajl-ruby (= 1.1.0)
